GIT
  remote: git://github.com/pakyow/pakyow.git
  revision: d5e18de824a9aca3fe410b17e0c0559ccf05ff63
  specs:
    pakyow (0.9.1)
      bundler (~> 1.5)
      pakyow-core (= 0.9.1)
      pakyow-mailer (= 0.9.1)
      pakyow-presenter (= 0.9.1)
      pakyow-rake (= 0.9.1)
      pakyow-realtime (= 0.9.1)
      pakyow-support (= 0.9.1)
      pakyow-test (= 0.9.1)
    pakyow-core (0.9.1)
      pakyow-support (= 0.9.1)
      rack (~> 1.5)
    pakyow-mailer (0.9.1)
      mail (~> 2.6)
      pakyow-core (= 0.9.1)
      pakyow-presenter (= 0.9.1)
      premailer (~> 1.8)
    pakyow-presenter (0.9.1)
      nokogiri (~> 1.6)
      pakyow-core (= 0.9.1)
      pakyow-support (= 0.9.1)
    pakyow-rake (0.9.1)
      pakyow-core (= 0.9.1)
      pakyow-presenter (= 0.9.1)
    pakyow-realtime (0.9.1)
      celluloid (~> 0.16)
      celluloid-redis
      redis (~> 3.2)
      websocket_parser (~> 0.1)
    pakyow-support (0.9.1)
    pakyow-test (0.9.1)

GEM
  remote: https://rubygems.org/
  specs:
    addressable (2.3.8)
    celluloid (0.16.0)
      timers (~> 4.0.0)
    celluloid-io (0.16.2)
      celluloid (>= 0.16.0)
      nio4r (>= 1.1.0)
    celluloid-redis (0.0.2)
      celluloid-io (>= 0.13.0.pre)
      redis
    css_parser (1.3.6)
      addressable
    hitimes (1.2.2)
    htmlentities (4.3.3)
    mail (2.6.3)
      mime-types (>= 1.16, < 3)
    mime-types (2.5)
    mini_portile (0.6.2)
    nio4r (1.1.0)
    nokogiri (1.6.6.2)
      mini_portile (~> 0.6.0)
    premailer (1.8.4)
      css_parser (>= 1.3.6)
      htmlentities (>= 4.0.0)
    puma (2.11.2)
      rack (>= 1.1, < 2.0)
    rack (1.6.0)
    redis (3.2.1)
    timers (4.0.1)
      hitimes
    websocket_parser (0.1.6)

PLATFORMS
  ruby

DEPENDENCIES
  pakyow!
  puma
