GIT
  remote: git://github.com/pakyow/pakyow.git
  revision: dcaa1a8eb9555c224a325fff9103a973a93b35d5
  specs:
    pakyow (0.9.1)
      bundler (>= 1.3.0, < 2.0)
      pakyow-core (= 0.9.1)
      pakyow-mailer (= 0.9.1)
      pakyow-presenter (= 0.9.1)
      pakyow-rake (= 0.9.1)
      pakyow-realtime (= 0.9.1)
      pakyow-support (= 0.9.1)
      pakyow-test (= 0.9.1)
      pakyow-ui (= 0.9.1)
    pakyow-core (0.9.1)
      pakyow-support (= 0.9.1)
      rack (~> 1.6)
    pakyow-mailer (0.9.1)
      mail (~> 2.6)
      pakyow-core (= 0.9.1)
      pakyow-presenter (= 0.9.1)
      pakyow-support (= 0.9.1)
      premailer (~> 1.8)
    pakyow-presenter (0.9.1)
      nokogiri (~> 1.6)
      pakyow-core (= 0.9.1)
      pakyow-support (= 0.9.1)
    pakyow-rake (0.9.1)
      pakyow-core (= 0.9.1)
      pakyow-presenter (= 0.9.1)
      pakyow-support (= 0.9.1)
      rake (~> 10.4)
    pakyow-realtime (0.9.1)
      celluloid (~> 0.17)
      celluloid-redis
      redis (~> 3.2)
      websocket_parser (~> 1.0)
    pakyow-support (0.9.1)
    pakyow-test (0.9.1)
    pakyow-ui (0.9.1)
      pakyow-core (= 0.9.1)
      pakyow-presenter (= 0.9.1)
      pakyow-realtime (= 0.9.1)
      pakyow-support (= 0.9.1)

GEM
  remote: https://rubygems.org/
  specs:
    addressable (2.3.8)
    celluloid (0.17.1.2)
      bundler
      celluloid-essentials
      celluloid-extras
      celluloid-fsm
      celluloid-pool
      celluloid-supervision
      dotenv
      nenv
      rspec-logsplit (>= 0.1.2)
      timers (>= 4.1.1)
    celluloid-essentials (0.20.2.1)
      bundler
      dotenv
      nenv
      rspec-logsplit (>= 0.1.2)
      timers (>= 4.1.1)
    celluloid-extras (0.20.1)
      bundler
      dotenv
      nenv
      rspec-logsplit (>= 0.1.2)
      timers (>= 4.1.1)
    celluloid-fsm (0.20.1)
      bundler
      dotenv
      nenv
      rspec-logsplit (>= 0.1.2)
      timers (>= 4.1.1)
    celluloid-io (0.17.1)
      bundler
      celluloid (>= 0.17.1.1)
      dotenv
      nenv
      nio4r (>= 1.1)
      rspec-logsplit (>= 0.1.2)
      timers (>= 4.1.1)
    celluloid-pool (0.20.1)
      bundler
      dotenv
      nenv
      rspec-logsplit (>= 0.1.2)
      timers (>= 4.1.1)
    celluloid-redis (0.0.2)
      celluloid-io (>= 0.13.0.pre)
      redis
    celluloid-supervision (0.20.1.1)
      bundler
      dotenv
      nenv
      rspec-logsplit (>= 0.1.2)
      timers (>= 4.1.1)
    css_parser (1.3.6)
      addressable
    dotenv (2.0.2)
    hitimes (1.2.2)
    htmlentities (4.3.4)
    mail (2.6.3)
      mime-types (>= 1.16, < 3)
    mime-types (2.6.1)
    mini_portile (0.6.2)
    nenv (0.2.0)
    nio4r (1.1.1)
    nokogiri (1.6.6.2)
      mini_portile (~> 0.6.0)
    premailer (1.8.4)
      css_parser (>= 1.3.6)
      htmlentities (>= 4.0.0)
    puma (2.13.4)
    rack (1.6.4)
    rake (10.4.2)
    redis (3.2.1)
    rspec-logsplit (0.1.3)
    timers (4.1.1)
      hitimes
    websocket_parser (1.0.0)

PLATFORMS
  ruby

DEPENDENCIES
  pakyow!
  puma

BUNDLED WITH
   1.10.6
